GEM
  remote: https://rubygems.org/
  specs:
    async (2.6.4)
      console (~> 1.10)
      fiber-annotation
      io-event (~> 1.1)
      timers (~> 4.1)
    connection_pool (2.4.1)
    console (1.23.2)
      fiber-annotation
      fiber-local
    fiber-annotation (0.2.0)
    fiber-local (1.0.0)
    google-protobuf (3.24.3-x64-mingw-ucrt)
    googleapis-common-protos-types (1.9.0)
      google-protobuf (~> 3.18)
    grpc (1.58.0-x64-mingw-ucrt)
      google-protobuf (~> 3.23)
      googleapis-common-protos-types (~> 1.0)
    grpc-tools (1.58.0)
    io-event (1.3.2)
    redis (5.0.7)
      redis-client (>= 0.9.0)
    redis-client (0.17.0)
      connection_pool
    timers (4.3.5)

PLATFORMS
  x64-mingw-ucrt

DEPENDENCIES
  async (~> 2.6)
  grpc
  grpc-tools
  redis (~> 5.0)

BUNDLED WITH
   2.4.13
